GEM
  remote: https://rubygems.org/
  specs:
    diff-lcs (1.5.0)
    dotenv (2.1.2)
    json (2.6.3)
    pg (0.20.0)
    rack (3.0.8)
    rake (12.3.3)
    rspec (3.12.0)
      rspec-core (~> 3.12.0)
      rspec-expectations (~> 3.12.0)
      rspec-mocks (~> 3.12.0)
    rspec-core (3.12.2)
      rspec-support (~> 3.12.0)
    rspec-expectations (3.12.3)
      diff-lcs (>= 1.2.0, < 2.0)
      rspec-support (~> 3.12.0)
    rspec-mocks (3.12.5)
      diff-lcs (>= 1.2.0, < 2.0)
      rspec-support (~> 3.12.0)
    rspec-support (3.12.1)
    seg (1.2.0)
    sequel (4.49.0)
    syro (3.1.1)
      rack (>= 1.6.0)
      seg

PLATFORMS
  x86_64-linux

DEPENDENCIES
  dotenv (~> 2.1.0)
  json (~> 2.6)
  pg (~> 0.20.0)
  rake (~> 12.0)
  rspec (~> 3.12)
  sequel (~> 4.45)
  syro (~> 3.1.1)

RUBY VERSION
   ruby 2.6.10p210

BUNDLED WITH
   2.3.9
